GEM
  remote: https://rubygems.org/
  specs:
    ansi (1.5.0)
    backports (3.8.0)
    builder (3.2.3)
    erubis (2.7.0)
    minitest (5.8.5)
    minitest-reporters (1.1.14)
      ansi
      builder
      minitest (>= 5.0)
      ruby-progressbar
    multi_json (1.12.1)
    rack (1.6.8)
    rack-protection (1.5.3)
      rack
    rack-test (0.6.3)
      rack (>= 1.0)
    redcarpet (3.4.0)
    ruby-progressbar (1.8.1)
    sinatra (1.4.8)
      rack (~> 1.5)
      rack-protection (~> 1.4)
      tilt (>= 1.3, < 3)
    sinatra-contrib (1.4.7)
      backports (>= 2.0)
      multi_json
      rack-protection
      rack-test
      sinatra (~> 1.4.0)
      tilt (>= 1.3, < 3)
    tilt (2.0.7)

PLATFORMS
  x86-mingw32

DEPENDENCIES
  erubis
  minitest
  minitest-reporters
  redcarpet
  sinatra (~> 1.4.7)
  sinatra-contrib

RUBY VERSION
   ruby 2.3.3p222

BUNDLED WITH
   1.14.6
